GIT
  remote: https://github.com/emma-sax4/jekyll-feed.git
  revision: eb177b3f24861dbd31c466a6e7cdb7c02446861c
  branch: emmasax4_feed
  specs:
    jekyll-feed (0.13.0)
      jekyll (>= 3.7, < 5.0)

GIT
  remote: https://github.com/emma-sax4/jekyll-seo-tag.git
  revision: 8b053787794ab482089b40d6befa4597c9da65b9
  branch: emmasax4_seo_tag
  specs:
    jekyll-seo-tag (2.6.1)
      jekyll (>= 3.3, < 5.0)

GIT
  remote: https://github.com/emma-sax4/jekyll-sitemap.git
  revision: b0c3e93d0bd65aa08e2e3109bdeedac25a8f62b8
  branch: emmasax4_sitemap
  specs:
    jekyll-sitemap (1.4.0)
      jekyll (>= 3.7, < 5.0)

GEM
  remote: https://rubygems.org/
  specs:
    activesupport (6.0.2.1)
      concurrent-ruby (~> 1.0, >= 1.0.2)
      i18n (>= 0.7, < 2)
      minitest (~> 5.1)
      tzinfo (~> 1.1)
      zeitwerk (~> 2.2)
    addressable (2.7.0)
      public_suffix (>= 2.0.2, < 5.0)
    colorator (1.1.0)
    concurrent-ruby (1.1.6)
    em-websocket (0.5.1)
      eventmachine (>= 0.12.9)
      http_parser.rb (~> 0.6.0)
    ethon (0.12.0)
      ffi (>= 1.3.0)
    eventmachine (1.2.7)
    ffi (1.12.2)
    forwardable-extended (2.6.0)
    html-pipeline (2.12.3)
      activesupport (>= 2)
      nokogiri (>= 1.4)
    html-proofer (3.15.1)
      addressable (~> 2.3)
      mercenary (~> 0.3)
      nokogumbo (~> 2.0)
      parallel (~> 1.3)
      rainbow (~> 3.0)
      typhoeus (~> 1.3)
      yell (~> 2.0)
    http_parser.rb (0.6.0)
    i18n (0.9.5)
      concurrent-ruby (~> 1.0)
    jekyll (3.8.6)
      addressable (~> 2.4)
      colorator (~> 1.0)
      em-websocket (~> 0.5)
      i18n (~> 0.7)
      jekyll-sass-converter (~> 1.0)
      jekyll-watch (~> 2.0)
      kramdown (~> 1.14)
      liquid (~> 4.0)
      mercenary (~> 0.3.3)
      pathutil (~> 0.9)
      rouge (>= 1.7, < 4)
      safe_yaml (~> 1.0)
    jekyll-default-layout (0.1.4)
      jekyll (~> 3.0)
    jekyll-last-modified-at (1.2.1)
      jekyll (>= 3.7, < 5.0)
      posix-spawn (~> 0.3.9)
    jekyll-mentions (1.6.0)
      html-pipeline (~> 2.3)
      jekyll (>= 3.7, < 5.0)
    jekyll-paginate-v2 (3.0.0)
      jekyll (>= 3.0, < 5.0)
    jekyll-redirect-from (0.16.0)
      jekyll (>= 3.3, < 5.0)
    jekyll-relative-links (0.6.1)
      jekyll (>= 3.3, < 5.0)
    jekyll-sass-converter (1.5.2)
      sass (~> 3.4)
    jekyll-time-to-read (0.1.2)
      jekyll
    jekyll-titles-from-headings (0.5.3)
      jekyll (>= 3.3, < 5.0)
    jekyll-watch (2.2.1)
      listen (~> 3.0)
    kramdown (1.17.0)
    liquid (4.0.3)
    listen (3.2.1)
      rb-fsevent (~> 0.10, >= 0.10.3)
      rb-inotify (~> 0.9, >= 0.9.10)
    mercenary (0.3.6)
    mini_portile2 (2.4.0)
    minitest (5.14.0)
    nokogiri (1.10.9)
      mini_portile2 (~> 2.4.0)
    nokogumbo (2.0.2)
      nokogiri (~> 1.8, >= 1.8.4)
    parallel (1.19.1)
    pathutil (0.16.2)
      forwardable-extended (~> 2.6)
    posix-spawn (0.3.13)
    public_suffix (4.0.3)
    rainbow (3.0.0)
    rb-fsevent (0.10.3)
    rb-inotify (0.10.1)
      ffi (~> 1.0)
    rouge (3.17.0)
    safe_yaml (1.0.5)
    sass (3.7.4)
      sass-listen (~> 4.0.0)
    sass-listen (4.0.0)
      rb-fsevent (~> 0.9, >= 0.9.4)
      rb-inotify (~> 0.9, >= 0.9.7)
    thread_safe (0.3.6)
    typhoeus (1.3.1)
      ethon (>= 0.9.0)
    tzinfo (1.2.6)
      thread_safe (~> 0.1)
    yell (2.2.2)
    zeitwerk (2.3.0)

PLATFORMS
  ruby

DEPENDENCIES
  html-proofer (~> 3.15.1)
  jekyll (~> 3.8)
  jekyll-default-layout (~> 0.1.4)
  jekyll-feed!
  jekyll-last-modified-at (~> 1.2.1)
  jekyll-mentions (~> 1.6.0)
  jekyll-paginate-v2 (~> 3.0.0)
  jekyll-redirect-from (~> 0.16.0)
  jekyll-relative-links (~> 0.6.1)
  jekyll-seo-tag!
  jekyll-sitemap!
  jekyll-time-to-read (~> 0.1.2)
  jekyll-titles-from-headings (~> 0.5.3)
  rouge (~> 3.17)

BUNDLED WITH
   2.1.4
