GIT
  remote: https://github.com/emmahsax/jekyll-feed
  revision: 4a5a90848fd3efbb11932bf9c02ce561d5606ad1
  specs:
    jekyll-feed (0.15.1e)
      jekyll (>= 3.7, < 5.0)

GIT
  remote: https://github.com/emmahsax/jekyll-seo-tag
  revision: f59b748b1c085f2188ea4239010d8156354fe96b
  specs:
    jekyll-seo-tag (2.7.1e)
      jekyll (>= 3.8, < 5.0)

GIT
  remote: https://github.com/emmahsax/jekyll-sitemap
  revision: fac4da3a6f8c570d5999a6d6163acb96b9f72019
  specs:
    jekyll-sitemap (1.4.0e)
      jekyll (>= 3.9, < 5.0)

GIT
  remote: https://github.com/jekyll/jekyll-commonmark
  revision: cdc2700972cff8865f58145c738f186d59e75dd4
  specs:
    jekyll-commonmark (1.3.1)
      commonmarker (~> 0.14)

GEM
  remote: https://rubygems.org/
  specs:
    activesupport (6.1.3.2)
      concurrent-ruby (~> 1.0, >= 1.0.2)
      i18n (>= 1.6, < 2)
      minitest (>= 5.1)
      tzinfo (~> 2.0)
      zeitwerk (~> 2.3)
    addressable (2.7.0)
      public_suffix (>= 2.0.2, < 5.0)
    ast (2.4.2)
    chef-utils (17.0.242)
      concurrent-ruby
    colorator (1.1.0)
    commonmarker (0.21.2)
      ruby-enum (~> 0.5)
    concurrent-ruby (1.1.8)
    em-websocket (0.5.2)
      eventmachine (>= 0.12.9)
      http_parser.rb (~> 0.6.0)
    ethon (0.14.0)
      ffi (>= 1.15.0)
    eventmachine (1.2.7)
    ffi (1.15.0)
    forwardable-extended (2.6.0)
    html-pipeline (2.14.0)
      activesupport (>= 2)
      nokogiri (>= 1.4)
    html-proofer (3.19.1)
      addressable (~> 2.3)
      mercenary (~> 0.3)
      nokogumbo (~> 2.0)
      parallel (~> 1.3)
      rainbow (~> 3.0)
      typhoeus (~> 1.3)
      yell (~> 2.0)
    htmlbeautifier (1.3.1)
    htmlcompressor (0.4.0)
    http_parser.rb (0.6.0)
    i18n (1.8.10)
      concurrent-ruby (~> 1.0)
    jekyll (4.2.0)
      addressable (~> 2.4)
      colorator (~> 1.0)
      em-websocket (~> 0.5)
      i18n (~> 1.0)
      jekyll-sass-converter (~> 2.0)
      jekyll-watch (~> 2.0)
      kramdown (~> 2.3)
      kramdown-parser-gfm (~> 1.0)
      liquid (~> 4.0)
      mercenary (~> 0.4.0)
      pathutil (~> 0.9)
      rouge (~> 3.0)
      safe_yaml (~> 1.0)
      terminal-table (~> 2.0)
    jekyll-default-layout (0.1.5)
      jekyll (>= 3.0, < 5.0)
    jekyll-last-modified-at (1.3.0)
      jekyll (>= 3.7, < 5.0)
      posix-spawn (~> 0.3.9)
    jekyll-mentions (1.6.0)
      html-pipeline (~> 2.3)
      jekyll (>= 3.7, < 5.0)
    jekyll-paginate-v2 (3.0.0)
      jekyll (>= 3.0, < 5.0)
    jekyll-redirect-from (0.16.0)
      jekyll (>= 3.3, < 5.0)
    jekyll-relative-links (0.6.1)
      jekyll (>= 3.3, < 5.0)
    jekyll-sass-converter (2.1.0)
      sassc (> 2.0.1, < 3.0)
    jekyll-tidy (0.2.2)
      htmlbeautifier
      htmlcompressor
      jekyll
    jekyll-time-to-read (0.1.2)
      jekyll
    jekyll-titles-from-headings (0.5.3)
      jekyll (>= 3.3, < 5.0)
    jekyll-watch (2.2.1)
      listen (~> 3.0)
    kramdown (2.3.1)
      rexml
    kramdown-parser-gfm (1.1.0)
      kramdown (~> 2.0)
    liquid (4.0.3)
    listen (3.5.1)
      rb-fsevent (~> 0.10, >= 0.10.3)
      rb-inotify (~> 0.9, >= 0.9.10)
    mdl (0.11.0)
      kramdown (~> 2.3)
      kramdown-parser-gfm (~> 1.1)
      mixlib-cli (~> 2.1, >= 2.1.1)
      mixlib-config (>= 2.2.1, < 4)
      mixlib-shellout
    mercenary (0.4.0)
    mini_portile2 (2.5.1)
    minitest (5.14.4)
    mixlib-cli (2.1.8)
    mixlib-config (3.0.9)
      tomlrb
    mixlib-shellout (3.2.5)
      chef-utils
    nokogiri (1.11.3)
      mini_portile2 (~> 2.5.0)
      racc (~> 1.4)
    nokogiri (1.11.3-x86_64-darwin)
      racc (~> 1.4)
    nokogiri (1.11.3-x86_64-linux)
      racc (~> 1.4)
    nokogumbo (2.0.5)
      nokogiri (~> 1.8, >= 1.8.4)
    parallel (1.20.1)
    parser (3.0.1.1)
      ast (~> 2.4.1)
    pathutil (0.16.2)
      forwardable-extended (~> 2.6)
    posix-spawn (0.3.15)
    public_suffix (4.0.6)
    racc (1.5.2)
    rainbow (3.0.0)
    rb-fsevent (0.10.4)
    rb-inotify (0.10.1)
      ffi (~> 1.0)
    regexp_parser (2.1.1)
    rexml (3.2.5)
    rouge (3.26.0)
    rubocop (1.14.0)
      parallel (~> 1.10)
      parser (>= 3.0.0.0)
      rainbow (>= 2.2.2, < 4.0)
      regexp_parser (>= 1.8, < 3.0)
      rexml
      rubocop-ast (>= 1.5.0, < 2.0)
      ruby-progressbar (~> 1.7)
      unicode-display_width (>= 1.4.0, < 3.0)
    rubocop-ast (1.5.0)
      parser (>= 3.0.1.1)
    ruby-enum (0.9.0)
      i18n
    ruby-progressbar (1.11.0)
    safe_yaml (1.0.5)
    sassc (2.4.0)
      ffi (~> 1.9)
    terminal-table (2.0.0)
      unicode-display_width (~> 1.1, >= 1.1.1)
    tomlrb (2.0.1)
    typhoeus (1.4.0)
      ethon (>= 0.9.0)
    tzinfo (2.0.4)
      concurrent-ruby (~> 1.0)
    unicode-display_width (1.7.0)
    webrick (1.7.0)
    yell (2.2.2)
    zeitwerk (2.4.2)

PLATFORMS
  ruby
  x86_64-darwin
  x86_64-linux

DEPENDENCIES
  html-proofer
  jekyll
  jekyll-commonmark!
  jekyll-default-layout
  jekyll-feed!
  jekyll-last-modified-at
  jekyll-mentions
  jekyll-paginate-v2
  jekyll-redirect-from
  jekyll-relative-links
  jekyll-seo-tag!
  jekyll-sitemap!
  jekyll-tidy
  jekyll-time-to-read
  jekyll-titles-from-headings
  mdl
  rubocop
  webrick

BUNDLED WITH
   2.2.17
